GEM
  remote: https://rubygems.org/
  specs:
    byebug (11.1.1)
    httparty (0.18.0)
      mime-types (~> 3.0)
      multi_xml (>= 0.5.2)
    mime-types (3.3.1)
      mime-types-data (~> 3.2015)
    mime-types-data (3.2019.1009)
    multi_xml (0.6.0)

PLATFORMS
  ruby

DEPENDENCIES
  byebug
  httparty

RUBY VERSION
   ruby 2.6.0p0

BUNDLED WITH
   1.17.2
