GEM
  remote: https://rubygems.org/
  specs:
    byebug (11.1.1)
    httparty (0.21.0)
      mini_mime (>= 1.0.0)
      multi_xml (>= 0.5.2)
    mini_mime (1.1.2)
    multi_xml (0.6.0)

PLATFORMS
  ruby

DEPENDENCIES
  byebug
  httparty

RUBY VERSION
   ruby 2.6.0p0

BUNDLED WITH
   1.17.2
